GEM
  remote: https://gems.ruby-china.org/
  specs:
    addressable (2.5.0)
      public_suffix (~> 2.0, >= 2.0.2)
    ast (2.3.0)
    axiom-types (0.1.1)
      descendants_tracker (~> 0.0.4)
      ice_nine (~> 0.11.0)
      thread_safe (~> 0.3, >= 0.3.1)
    codeclimate-engine-rb (0.4.0)
      virtus (~> 1.0)
    coercible (1.0.0)
      descendants_tracker (~> 0.0.1)
    descendants_tracker (0.0.4)
      thread_safe (~> 0.3, >= 0.3.1)
    diff-lcs (1.2.5)
    equalizer (0.0.11)
    erubis (2.7.0)
    flay (2.8.1)
      erubis (~> 2.7.0)
      path_expander (~> 1.0)
      ruby_parser (~> 3.0)
      sexp_processor (~> 4.0)
    flog (4.4.0)
      path_expander (~> 1.0)
      ruby_parser (~> 3.1, > 3.1.0)
      sexp_processor (~> 4.4)
    ice_nine (0.11.2)
    launchy (2.4.3)
      addressable (~> 2.3)
    parser (2.3.1.4)
      ast (~> 2.2)
    path_expander (1.0.1)
    public_suffix (2.0.4)
    rainbow (2.1.0)
    rake (11.3.0)
    reek (4.5.2)
      codeclimate-engine-rb (~> 0.4.0)
      parser (~> 2.3.1, >= 2.3.1.2)
      rainbow (~> 2.0)
    rspec (2.14.1)
      rspec-core (~> 2.14.0)
      rspec-expectations (~> 2.14.0)
      rspec-mocks (~> 2.14.0)
    rspec-core (2.14.7)
    rspec-expectations (2.14.5)
      diff-lcs (>= 1.1.3, < 2.0)
    rspec-mocks (2.14.6)
    ruby_parser (3.8.3)
      sexp_processor (~> 4.1)
    rubycritic (3.1.0)
      flay (~> 2.8)
      flog (~> 4.4)
      launchy (= 2.4.3)
      parser (= 2.3.1.4)
      rainbow
      reek (~> 4.4)
      ruby_parser (~> 3.8)
      virtus (~> 1.0)
    sexp_processor (4.7.0)
    thread_safe (0.3.5)
    virtus (1.0.5)
      axiom-types (~> 0.1)
      coercible (~> 1.0)
      descendants_tracker (~> 0.0, >= 0.0.3)
      equalizer (~> 0.0, >= 0.0.9)

PLATFORMS
  ruby

DEPENDENCIES
  rake
  rspec (= 2.14.1)
  rubycritic

RUBY VERSION
   ruby 2.1.1p76

BUNDLED WITH
   1.13.6
